GEM
  specs:
    childprocess (1.0.1)
      rake (< 13.0)
    rake (12.3.3)
    rubyzip (1.2.3)
    selenium-webdriver (3.142.7)
      childprocess (>= 0.5, < 4.0)
      rubyzip (>= 1.2.2)

PLATFORMS
  ruby

DEPENDENCIES
  selenium-webdriver (~> 3.142)

BUNDLED WITH
   2.0.2
